STORAGE: NONE
RESTRICTION: == net8.0
NUGET
  remote: https://api.nuget.org/v3/index.json
    Expecto (9.0.4)
      FSharp.Core (>= 4.6)
      Mono.Cecil (>= 0.11.3)
    Fable.AST (4.5)
    Fable.Browser.Blob (1.4)
      Fable.Core (>= 3.2.8)
      FSharp.Core (>= 4.7.2)
    Fable.Browser.Dom (2.17)
      Fable.Browser.Blob (>= 1.4)
      Fable.Browser.Event (>= 1.6)
      Fable.Browser.WebStorage (>= 1.3)
      Fable.Core (>= 3.2.8)
      FSharp.Core (>= 4.7.2)
    Fable.Browser.Event (1.6)
      Fable.Browser.Gamepad (>= 1.3)
      Fable.Core (>= 3.2.8)
      FSharp.Core (>= 4.7.2)
    Fable.Browser.Gamepad (1.3)
      Fable.Core (>= 3.2.8)
      FSharp.Core (>= 4.7.2)
    Fable.Browser.WebStorage (1.3)
      Fable.Browser.Event (>= 1.6)
      Fable.Core (>= 3.2.8)
      FSharp.Core (>= 4.7.2)
    Fable.Browser.XMLHttpRequest (1.4)
      Fable.Browser.Blob (>= 1.4)
      Fable.Browser.Event (>= 1.6)
      Fable.Core (>= 3.2.8)
      FSharp.Core (>= 4.7.2)
    Fable.Core (4.3)
    Fable.DateFunctions (3.9)
      Fable.Core (>= 3.1.6)
      FSharp.Core (>= 4.7.2)
    Fable.Elmish (4.2)
      Fable.Core (>= 3.7.1)
      FSharp.Core (>= 4.7.2)
    Fable.Elmish.HMR (7.0)
      Fable.Core (>= 3.7.1)
      Fable.Elmish.React (>= 4.0)
      FSharp.Core (>= 4.7.2)
    Fable.Elmish.React (4.0)
      Fable.Elmish (>= 4.0)
      Fable.ReactDom.Types (>= 18.0)
      FSharp.Core (>= 4.7.2)
    Fable.Mocha (2.17)
      Fable.Core (>= 3.0)
      FSharp.Core (>= 4.7)
    Fable.Parsimmon (4.1)
      Fable.Core (>= 3.0)
      FSharp.Core (>= 4.6.2)
    Fable.React (9.4)
      Fable.React.Types (>= 18.3)
      Fable.ReactDom.Types (>= 18.2)
      FSharp.Core (>= 4.7.2)
    Fable.React.Types (18.3)
      Fable.Browser.Dom (>= 2.4.4)
      Fable.Core (>= 3.2.7)
      FSharp.Core (>= 4.7.2)
    Fable.ReactDom.Types (18.2)
      Fable.React.Types (>= 18.3)
      FSharp.Core (>= 4.7.2)
    Fable.Remoting.Client (7.32)
      Fable.Browser.XMLHttpRequest (>= 1.0)
      Fable.Core (>= 3.1.5)
      Fable.Remoting.MsgPack (>= 1.24)
      Fable.SimpleJson (>= 3.24)
      FSharp.Core (>= 4.7.2)
    Fable.Remoting.Giraffe (5.20)
      Fable.Remoting.Server (>= 5.38)
      FSharp.Core (>= 6.0)
      Giraffe (>= 5.0)
      Microsoft.IO.RecyclableMemoryStream (>= 3.0 < 4.0)
    Fable.Remoting.Json (2.24)
      FSharp.Core (>= 6.0)
      Newtonsoft.Json (>= 12.0.2)
    Fable.Remoting.MsgPack (1.24)
      FSharp.Core (>= 4.7.2)
    Fable.Remoting.Server (5.38)
      Fable.Remoting.Json (>= 2.24)
      Fable.Remoting.MsgPack (>= 1.24)
      FSharp.Core (>= 6.0)
      Microsoft.IO.RecyclableMemoryStream (>= 3.0 < 4.0)
    Fable.SimpleJson (3.24)
      Fable.Core (>= 3.1.5)
      Fable.Parsimmon (>= 4.0)
      FSharp.Core (>= 4.7)
    Fake.Core.CommandLineParsing (6.1)
      FParsec (>= 1.1.1)
      FSharp.Core (>= 8.0.301)
    Fake.Core.Context (6.1)
      FSharp.Core (>= 8.0.301)
    Fake.Core.Environment (6.1)
      FSharp.Core (>= 8.0.301)
    Fake.Core.FakeVar (6.1)
      Fake.Core.Context (>= 6.1)
      FSharp.Core (>= 8.0.301)
    Fake.Core.Process (5.23.1)
      Fake.Core.Environment (>= 5.23.1)
      Fake.Core.FakeVar (>= 5.23.1)
      Fake.Core.String (>= 5.23.1)
      Fake.Core.Trace (>= 5.23.1)
      Fake.IO.FileSystem (>= 5.23.1)
      FSharp.Core (>= 6.0)
      System.Collections.Immutable (>= 5.0)
    Fake.Core.String (6.1)
      FSharp.Core (>= 8.0.301)
    Fake.Core.Target (5.23.1)
      Fake.Core.CommandLineParsing (>= 5.23.1)
      Fake.Core.Context (>= 5.23.1)
      Fake.Core.Environment (>= 5.23.1)
      Fake.Core.FakeVar (>= 5.23.1)
      Fake.Core.Process (>= 5.23.1)
      Fake.Core.String (>= 5.23.1)
      Fake.Core.Trace (>= 5.23.1)
      FSharp.Control.Reactive (>= 5.0.2)
      FSharp.Core (>= 6.0)
    Fake.Core.Trace (6.1)
      Fake.Core.Environment (>= 6.1)
      Fake.Core.FakeVar (>= 6.1)
      FSharp.Core (>= 8.0.301)
    Fake.IO.FileSystem (5.23.1)
      Fake.Core.String (>= 5.23.1)
      FSharp.Core (>= 6.0)
    Farmer (1.9.1)
      FSharp.Core (>= 5.0)
      System.Text.Json (>= 5.0)
    FastExpressionCompiler (5.0.3)
    Feliz (2.8)
      Fable.ReactDom.Types (>= 18.2)
      Feliz.CompilerPlugins (>= 2.2)
      FSharp.Core (>= 4.7.2)
    Feliz.Bulma (3.0)
      Feliz (>= 2.4)
      FSharp.Core (>= 4.7.2)
    Feliz.Bulma.Switch (3.0)
      Feliz (>= 2.4)
      Feliz.Bulma (>= 3.0)
      FSharp.Core (>= 4.7.2)
    Feliz.Bulma.Timeline (3.0)
      Feliz (>= 2.4)
      Feliz.Bulma (>= 3.0)
      FSharp.Core (>= 4.7.2)
    Feliz.CompilerPlugins (2.2)
      Fable.AST (>= 4.2.1)
      FSharp.Core (>= 4.7.2)
    Feliz.Router (4.0)
      Fable.Elmish (>= 4.0)
      Feliz (>= 2.3)
      FSharp.Core (>= 4.7.2)
    FParsec (1.1.1)
      FSharp.Core (>= 4.3.4)
    FSharp.Configuration (2.0)
      FSharp.Core (>= 4.7)
    FSharp.Control.Reactive (5.0.5)
      FSharp.Core (>= 4.7.2)
      System.Reactive (>= 5.0 < 6.0)
    FSharp.Control.Websockets (0.3)
      FSharp.Core (>= 6.0)
      Microsoft.IO.RecyclableMemoryStream (>= 3.0)
    FSharp.Core (8.0.400)
    FSharp.SystemTextJson (1.3.13)
      FSharp.Core (>= 4.7)
      System.Text.Json (>= 6.0)
    Fulma (3.0)
      Fable.Core (>= 3.7.1)
      Fable.React (>= 9.2)
    Giraffe (7.0)
      FSharp.Core (>= 6.0)
      Giraffe.ViewEngine (>= 1.4)
      Microsoft.IO.RecyclableMemoryStream (>= 3.0.1)
      System.Text.Json (>= 8.0.4)
    Giraffe.ViewEngine (1.4)
      FSharp.Core (>= 5.0)
    Humanizer.Core (2.14.1)
    JasperFx.CodeGeneration (3.7.2)
      FastExpressionCompiler (>= 4.2.2)
      JasperFx.Core (>= 1.9)
    JasperFx.Core (1.12)
      Microsoft.Extensions.DependencyInjection.Abstractions (>= 8.0)
    JasperFx.RuntimeCompiler (3.7.2)
      JasperFx.CodeGeneration (>= 3.7.2)
      Microsoft.CodeAnalysis (>= 4.11)
      Microsoft.CodeAnalysis.CSharp (>= 4.11)
      Microsoft.CodeAnalysis.Scripting (>= 4.11)
      Microsoft.Extensions.Logging.Abstractions (>= 6.0 < 10.0)
    Marten (7.33.3)
      JasperFx.CodeGeneration (>= 3.7.1)
      JasperFx.Core (>= 1.9)
      JasperFx.RuntimeCompiler (>= 3.7.1)
      Microsoft.Extensions.DependencyInjection.Abstractions (>= 8.0)
      Microsoft.Extensions.Hosting.Abstractions (>= 8.0)
      Microsoft.Extensions.Logging.Abstractions (>= 8.0)
      Newtonsoft.Json (>= 13.0.3)
      Npgsql.Json.NET (>= 8.0)
      OpenTelemetry.Api (>= 1.8)
      Polly.Core (>= 8.5)
      System.Text.Json (>= 8.0.5)
      System.Threading.Tasks.Dataflow (>= 8.0)
      Weasel.Postgresql (>= 7.12.1)
    Microsoft.AspNetCore.Authentication.JwtBearer (8.0.8)
      Microsoft.IdentityModel.Protocols.OpenIdConnect (>= 7.1.2)
    Microsoft.Bcl.AsyncInterfaces (8.0)
    Microsoft.CodeAnalysis (4.11)
      Humanizer.Core (>= 2.14.1)
      Microsoft.Bcl.AsyncInterfaces (>= 8.0)
      Microsoft.CodeAnalysis.Analyzers (>= 3.3.4)
      Microsoft.CodeAnalysis.CSharp.Workspaces (4.11)
      Microsoft.CodeAnalysis.VisualBasic.Workspaces (4.11)
      System.Buffers (>= 4.5.1)
      System.Collections.Immutable (>= 8.0)
      System.Composition (>= 8.0)
      System.IO.Pipelines (>= 8.0)
      System.Memory (>= 4.5.5)
      System.Numerics.Vectors (>= 4.5)
      System.Reflection.Metadata (>= 8.0)
      System.Runtime.CompilerServices.Unsafe (>= 6.0)
      System.Text.Encoding.CodePages (>= 7.0)
      System.Threading.Channels (>= 7.0)
      System.Threading.Tasks.Extensions (>= 4.5.4)
    Microsoft.CodeAnalysis.Analyzers (3.3.4)
    Microsoft.CodeAnalysis.Common (4.11)
      Microsoft.CodeAnalysis.Analyzers (>= 3.3.4)
      System.Collections.Immutable (>= 8.0)
      System.Reflection.Metadata (>= 8.0)
    Microsoft.CodeAnalysis.CSharp (4.11)
      Microsoft.CodeAnalysis.Analyzers (>= 3.3.4)
      Microsoft.CodeAnalysis.Common (4.11)
      System.Collections.Immutable (>= 8.0)
      System.Reflection.Metadata (>= 8.0)
    Microsoft.CodeAnalysis.CSharp.Scripting (4.11)
      Microsoft.CodeAnalysis.Analyzers (>= 3.3.4)
      Microsoft.CodeAnalysis.Common (4.11)
      Microsoft.CodeAnalysis.CSharp (4.11)
      Microsoft.CodeAnalysis.Scripting.Common (4.11)
      Microsoft.CSharp (>= 4.7)
      System.Collections.Immutable (>= 8.0)
      System.Reflection.Metadata (>= 8.0)
    Microsoft.CodeAnalysis.CSharp.Workspaces (4.11)
      Humanizer.Core (>= 2.14.1)
      Microsoft.CodeAnalysis.Analyzers (>= 3.3.4)
      Microsoft.CodeAnalysis.Common (4.11)
      Microsoft.CodeAnalysis.CSharp (4.11)
      Microsoft.CodeAnalysis.Workspaces.Common (4.11)
      System.Collections.Immutable (>= 8.0)
      System.Composition (>= 8.0)
      System.IO.Pipelines (>= 8.0)
      System.Reflection.Metadata (>= 8.0)
      System.Threading.Channels (>= 7.0)
    Microsoft.CodeAnalysis.Scripting (4.11)
      Microsoft.CodeAnalysis.Analyzers (>= 3.3.4)
      Microsoft.CodeAnalysis.CSharp.Scripting (4.11)
      Microsoft.CSharp (>= 4.7)
      System.Buffers (>= 4.5.1)
      System.Collections.Immutable (>= 8.0)
      System.Memory (>= 4.5.5)
      System.Numerics.Vectors (>= 4.5)
      System.Reflection.Metadata (>= 8.0)
      System.Runtime.CompilerServices.Unsafe (>= 6.0)
      System.Text.Encoding.CodePages (>= 7.0)
      System.Threading.Tasks.Extensions (>= 4.5.4)
    Microsoft.CodeAnalysis.Scripting.Common (4.11)
      Microsoft.CodeAnalysis.Analyzers (>= 3.3.4)
      Microsoft.CodeAnalysis.Common (4.11)
      System.Collections.Immutable (>= 8.0)
      System.Reflection.Metadata (>= 8.0)
    Microsoft.CodeAnalysis.VisualBasic (4.11)
      Microsoft.CodeAnalysis.Analyzers (>= 3.3.4)
      Microsoft.CodeAnalysis.Common (4.11)
      System.Collections.Immutable (>= 8.0)
      System.Reflection.Metadata (>= 8.0)
    Microsoft.CodeAnalysis.VisualBasic.Workspaces (4.11)
      Humanizer.Core (>= 2.14.1)
      Microsoft.CodeAnalysis.Analyzers (>= 3.3.4)
      Microsoft.CodeAnalysis.Common (4.11)
      Microsoft.CodeAnalysis.VisualBasic (4.11)
      Microsoft.CodeAnalysis.Workspaces.Common (4.11)
      System.Collections.Immutable (>= 8.0)
      System.Composition (>= 8.0)
      System.IO.Pipelines (>= 8.0)
      System.Reflection.Metadata (>= 8.0)
      System.Threading.Channels (>= 7.0)
    Microsoft.CodeAnalysis.Workspaces.Common (4.11)
      Humanizer.Core (>= 2.14.1)
      Microsoft.CodeAnalysis.Analyzers (>= 3.3.4)
      Microsoft.CodeAnalysis.Common (4.11)
      System.Collections.Immutable (>= 8.0)
      System.Composition (>= 8.0)
      System.IO.Pipelines (>= 8.0)
      System.Reflection.Metadata (>= 8.0)
      System.Threading.Channels (>= 7.0)
    Microsoft.CSharp (4.7)
    Microsoft.Extensions.Configuration.Abstractions (8.0)
      Microsoft.Extensions.Primitives (>= 8.0)
    Microsoft.Extensions.DependencyInjection.Abstractions (8.0.1)
    Microsoft.Extensions.Diagnostics.Abstractions (8.0)
      Microsoft.Extensions.DependencyInjection.Abstractions (>= 8.0)
      Microsoft.Extensions.Options (>= 8.0)
      System.Diagnostics.DiagnosticSource (>= 8.0)
    Microsoft.Extensions.FileProviders.Abstractions (8.0)
      Microsoft.Extensions.Primitives (>= 8.0)
    Microsoft.Extensions.Hosting.Abstractions (8.0)
      Microsoft.Extensions.Configuration.Abstractions (>= 8.0)
      Microsoft.Extensions.DependencyInjection.Abstractions (>= 8.0)
      Microsoft.Extensions.Diagnostics.Abstractions (>= 8.0)
      Microsoft.Extensions.FileProviders.Abstractions (>= 8.0)
      Microsoft.Extensions.Logging.Abstractions (>= 8.0)
    Microsoft.Extensions.Logging.Abstractions (8.0.1)
      Microsoft.Extensions.DependencyInjection.Abstractions (>= 8.0.1)
    Microsoft.Extensions.Options (8.0.2)
      Microsoft.Extensions.DependencyInjection.Abstractions (>= 8.0)
      Microsoft.Extensions.Primitives (>= 8.0)
    Microsoft.Extensions.Primitives (8.0)
    Microsoft.IdentityModel.Abstractions (8.0.2)
    Microsoft.IdentityModel.JsonWebTokens (8.0.2)
      Microsoft.IdentityModel.Tokens (>= 8.0.2)
    Microsoft.IdentityModel.Logging (8.0.2)
      Microsoft.IdentityModel.Abstractions (>= 8.0.2)
    Microsoft.IdentityModel.Protocols (8.0.2)
      Microsoft.IdentityModel.Tokens (>= 8.0.2)
    Microsoft.IdentityModel.Protocols.OpenIdConnect (8.0.2)
      Microsoft.IdentityModel.Protocols (>= 8.0.2)
      System.IdentityModel.Tokens.Jwt (>= 8.0.2)
    Microsoft.IdentityModel.Tokens (8.0.2)
      Microsoft.IdentityModel.Logging (>= 8.0.2)
    Microsoft.IO.RecyclableMemoryStream (3.0.1)
    Mono.Cecil (0.11.5)
    NetTopologySuite (2.6)
    NetTopologySuite.IO.PostGis (2.1)
      NetTopologySuite (>= 2.0 < 3.0.0-A)
    Newtonsoft.Json (13.0.3)
    Npgsql (8.0.7)
      Microsoft.Extensions.Logging.Abstractions (>= 8.0)
    Npgsql.Json.NET (8.0.3)
      Newtonsoft.Json (>= 13.0.3)
      Npgsql (>= 8.0.3)
    Npgsql.NetTopologySuite (8.0.7)
      NetTopologySuite (>= 2.5)
      NetTopologySuite.IO.PostGis (>= 2.1)
      Npgsql (>= 8.0.7)
    OpenTelemetry.Api (1.9)
      System.Diagnostics.DiagnosticSource (>= 8.0)
    Polly.Core (8.5.2)
    SAFE.Client (5.0.5)
      Fable.Core (>= 4.3 < 5.0)
      Fable.Elmish (>= 4.2 < 5.0)
      Fable.Elmish.HMR (>= 7.0 < 8.0)
      Fable.Elmish.React (>= 4.0 < 5.0)
      Fable.Mocha (>= 2.17 < 3.0)
      Fable.Remoting.Client (>= 7.32 < 8.0)
      Fable.SimpleJson (>= 3.24)
      Feliz (>= 2.8 < 3.0)
      FSharp.Core (>= 8.0.300 < 9.0)
    SAFE.Server (5.0.5)
      Fable.Remoting.Giraffe (>= 5.19 < 6.0)
      FSharp.Core (>= 8.0.300 < 9.0)
      Saturn (>= 0.17 < 1.0)
    Saturn (0.17)
      FSharp.Control.Websockets (>= 0.2.2)
      Giraffe (>= 6.4)
      Microsoft.AspNetCore.Authentication.JwtBearer (>= 6.0.3)
    System.Buffers (4.5.1)
    System.Collections.Immutable (8.0)
    System.Composition (8.0)
      System.Composition.AttributedModel (>= 8.0)
      System.Composition.Convention (>= 8.0)
      System.Composition.Hosting (>= 8.0)
      System.Composition.Runtime (>= 8.0)
      System.Composition.TypedParts (>= 8.0)
    System.Composition.AttributedModel (8.0)
    System.Composition.Convention (8.0)
      System.Composition.AttributedModel (>= 8.0)
    System.Composition.Hosting (8.0)
      System.Composition.Runtime (>= 8.0)
    System.Composition.Runtime (8.0)
    System.Composition.TypedParts (8.0)
      System.Composition.AttributedModel (>= 8.0)
      System.Composition.Hosting (>= 8.0)
      System.Composition.Runtime (>= 8.0)
    System.Diagnostics.DiagnosticSource (8.0.1)
    System.IdentityModel.Tokens.Jwt (8.0.2)
      Microsoft.IdentityModel.JsonWebTokens (>= 8.0.2)
      Microsoft.IdentityModel.Tokens (>= 8.0.2)
    System.IO.Pipelines (9.0.3)
    System.Memory (4.5.5)
    System.Numerics.Vectors (4.5)
    System.Reactive (5.0)
    System.Reflection.Metadata (8.0)
      System.Collections.Immutable (>= 8.0)
    System.Runtime.CompilerServices.Unsafe (6.0)
    System.Text.Encoding.CodePages (8.0)
    System.Text.Encodings.Web (9.0.3)
    System.Text.Json (9.0.3)
      System.IO.Pipelines (>= 9.0.3)
      System.Text.Encodings.Web (>= 9.0.3)
    System.Threading.Channels (8.0)
    System.Threading.Tasks.Dataflow (8.0.1)
    System.Threading.Tasks.Extensions (4.5.4)
    Weasel.Core (7.14.1)
      JasperFx.Core (>= 1.9)
    Weasel.Postgresql (7.14.1)
      Npgsql (>= 8.0.6)
      Npgsql.NetTopologySuite (>= 8.0.6)
      Weasel.Core (>= 7.14.1)
